{
  "InstitutionName": "UCSD",
  "InstitutionalDepartmentName": "Psychiatry",
  "PowerLineFrequency": 60,
  "ManufacturersModelName": "BioSemi",
  "EEGGround": "BioSemi",
  "EEGReference": "CMS/DRL",
  "EEGChannelCount": 64,
  "TaskName": "5CCPTPSTPRBP",
  "Manufacturer": "BIOSEMI",
  "MiscChannelCount": 8,
  "RecordingType": "continuous",
  "RecordingDuration": 2063,
  "SamplingFrequency": 512,
  "EOGChannelCount": 0,
  "ECGChannelCount": 0,
  "EMGChannelCount": 0,
  "SoftwareFilters": "n/a"
}